GIT
  remote: git://github.com/jekyll/jekyll.git
  revision: 90514b3536c2a6d6dfc379b91bd1252c3bc09dad
  specs:
    jekyll (3.0.0.pre.beta8)
      colorator (~> 0.1)
      jekyll-sass-converter (~> 1.0)
      jekyll-watch (~> 1.1)
      kramdown (~> 1.3)
      liquid (~> 3.0)
      mercenary (~> 0.3.3)
      rouge (~> 1.7)
      safe_yaml (~> 1.0)

GEM
  remote: https://rubygems.org/
  specs:
    celluloid (0.16.0)
      timers (~> 4.0.0)
    colorator (0.1)
    ffi (1.9.10)
    gsl (1.16.0.6)
    hitimes (1.2.2)
    iconv (1.0.4)
    jekyll-redirect-from (0.8.0)
      jekyll (>= 2.0)
    jekyll-sass-converter (1.3.0)
      sass (~> 3.2)
    jekyll-sitemap (0.8.1)
    jekyll-watch (1.2.1)
      listen (~> 2.7)
    kramdown (1.8.0)
    liquid (3.0.3)
    listen (2.10.1)
      celluloid (~> 0.16.0)
      rb-fsevent (>= 0.9.3)
      rb-inotify (>= 0.9)
    mercenary (0.3.5)
    mini_portile (0.6.2)
    nokogiri (1.6.6.2)
      mini_portile (~> 0.6.0)
    rake (10.4.2)
    rb-fsevent (0.9.5)
    rb-gsl (1.16.0.6)
      gsl
    rb-inotify (0.9.5)
      ffi (>= 0.5.0)
    rouge (1.9.0)
    safe_yaml (1.0.4)
    sass (3.4.15)
    timers (4.0.1)
      hitimes

PLATFORMS
  ruby

DEPENDENCIES
  iconv
  jekyll!
  jekyll-redirect-from
  jekyll-sitemap
  nokogiri
  rake
  rb-gsl

BUNDLED WITH
   1.10.5
